GEM
  remote: https://rubygems.org/
  specs:
    fast_gettext (2.2.0)

PLATFORMS
  x64-mingw32

DEPENDENCIES
  fast_gettext (~> 2.2)

BUNDLED WITH
   2.3.5
